GEM
  remote: https://rubygems.org/
  specs:
    chronic (0.10.2)
    colorize (0.7.7)
    notify (0.5.2)

PLATFORMS
  ruby

DEPENDENCIES
  chronic (= 0.10.2)
  colorize (= 0.7.7)
  notify (= 0.5.2)

BUNDLED WITH
   1.11.2
